GEM
  remote: https://rubygems.org/
  specs:
    connection_pool (2.4.1)
    json (2.7.1)
    pg (1.5.6)

PLATFORMS
  x86_64-linux

DEPENDENCIES
  connection_pool
  json
  pg

BUNDLED WITH
   2.3.3
